GEM
  remote: https://rubygems.org/
  specs:
    gosu (0.10.8)

PLATFORMS
  ruby

DEPENDENCIES
  gosu

BUNDLED WITH
   1.13.6
